{
  "AcquisitionMatrixPE": 168,
  "AcquisitionNumber": 1,
  "AcquisitionTime": "15:37:46.355000",
  "BandwidthPerPixelPhaseEncode": 17.253,
  "BaseResolution": 168,
  "BodyPartExamined": "BRAIN",
  "CoilString": "A32",
  "ConsistencyInfo": "N4_VE12U_LATEST_20181126",
  "ConversionSoftware": "dcm2niix",
  "ConversionSoftwareVersion": "v1.0.20201102",
  "DerivedVendorReportedEchoSpacing": 0.000690011,
  "DeviceSerialNumber": "79126",
  "DiffusionScheme": "Monopolar",
  "DwellTime": 1.8e-06,
  "EchoTime": 0.071,
  "EchoTrainLength": 64,
  "EffectiveEchoSpacing": 0.000345006,
  "FlipAngle": 90,
  "ImageOrientationPatientDICOM": [1, 0, 0, 0, 0.999507, -0.0314108],
  "ImageType": [
    "ORIGINAL",
    "PRIMARY",
    "DIFFUSION",
    "NONE",
    "ND",
    "MOSAIC"
],
  "ImagingFrequency": 297.187,
  "InPlanePhaseEncodingDirectionDICOM": "COL",
  "InstitutionAddress": "6th Street SE 2021,Minneapolis 400-628709,Chicago,US,55455",
  "InstitutionName": "CMRR 7T Terra",
  "InstitutionalDepartmentName": "Department",
  "MRAcquisitionType": "2D",
  "MagneticFieldStrength": 7,
  "Manufacturer": "Siemens",
  "ManufacturersModelName": "Terra",
  "Modality": "MR",
  "MultibandAccelerationFactor": 2,
  "ParallelReductionFactorInPlane": 2,
  "PartialFourier": 0.75,
  "PatientPosition": "HFS",
  "PercentPhaseFOV": 100,
  "PercentSampling": 100,
  "PhaseEncodingDirection": "j",
  "PhaseEncodingSteps": 128,
  "PhaseResolution": 1,
  "PixelBandwidth": 1655,
  "ProcedureStepDescription": "hbraun^DBS_on_Terra",
  "ProtocolName": "sub-CRP02_ses-01_dir-PA_dwi",
  "PulseSequenceDetails": "%SiemensSeq%\\ep2d_diff",
  "ReceiveCoilName": "1Tx32Rx_Head",
  "ReconMatrixPE": 168,
  "RefLinesPE": 44,
  "RepetitionTime": 6.5,
  "SAR": 0.308707,
  "ScanOptions": "PFP\\FS",
  "ScanningSequence": "EP",
  "SequenceName": "*ep_b0",
  "SequenceVariant": "SK\\SP",
  "SeriesDescription": "sub-CRP02_ses-01_dir-PA_dwi",
  "SeriesNumber": 15,
  "ShimSetting": [-197, 1180, -4312, 76, 15, -257, 1107, 377],
  "SliceThickness": 1.3,
  "SliceTiming": [3.1925, 0, 3.3075, 0.115, 3.4225, 0.2275, 3.535, 0.3425, 3.65, 0.4575, 3.7625, 0.57, 3.8775, 0.685, 3.9925, 0.7975, 4.105, 0.9125, 4.22, 1.0275, 4.3325, 1.14, 4.4475, 1.255, 4.5625, 1.3675, 4.675, 1.4825, 4.79, 1.5975, 4.9025, 1.71, 5.0175, 1.825, 5.1325, 1.94, 5.245, 2.0525, 5.36, 2.1675, 5.475, 2.28, 5.5875, 2.395, 5.7025, 2.51, 5.815, 2.6225, 5.93, 2.7375, 6.045, 2.85, 6.1575, 2.965, 6.2725, 3.08, 6.385, 3.1925, 0, 3.3075, 0.115, 3.4225, 0.2275, 3.535, 0.3425, 3.65, 0.4575, 3.7625, 0.57, 3.8775, 0.685, 3.9925, 0.7975, 4.105, 0.9125, 4.22, 1.0275, 4.3325, 1.14, 4.4475, 1.255, 4.5625, 1.3675, 4.675, 1.4825, 4.79, 1.5975, 4.9025, 1.71, 5.0175, 1.825, 5.1325, 1.94, 5.245, 2.0525, 5.36, 2.1675, 5.475, 2.28, 5.5875, 2.395, 5.7025, 2.51, 5.815, 2.6225, 5.93, 2.7375, 6.045, 2.85, 6.1575, 2.965, 6.2725, 3.08, 6.385],
  "SoftwareVersions": "syngo MR E12",
  "SpacingBetweenSlices": 1.3,
  "StationName": "TERRA",
  "TotalReadoutTime": 0.0576159,
  "TxRefAmp": 230,
  "dcmmeta_affine": [
    [-1.25, 0.0, 0.0, 107.42131042480469],
    [0.0, 1.2493832111358643, -0.040833987295627594, -80.9335708618164],
    [0.0, 0.03926344960927963, 1.2993584871292114, -79.74308013916016],
    [0.0, 0.0, 0.0, 1.0]
],
  "dcmmeta_reorient_transform": [
    [0.0, -1.0, 0.0, 167.0],
    [1.0, 0.0, 0.0, 0.0],
    [0.0, 0.0, 1.0, 0.0],
    [0.0, 0.0, 0.0, 1.0]
],
  "dcmmeta_shape": [168, 168, 114, 55],
  "dcmmeta_slice_dim": 2,
  "dcmmeta_version": 0.6,
  "global": {
    "const": {
      "AcquisitionMatrix": [168, 0, 0, 168],
      "AngioFlag": "N",
      "BitsAllocated": 16,
      "BitsStored": 12,
      "BodyPartExamined": "BRAIN",
      "Columns": 1848,
      "EchoNumbers": 1,
      "EchoTime": 71.0,
      "EchoTrainLength": 64,
      "FlipAngle": 90.0,
      "HighBit": 11,
      "ImageOrientationPatient": [1.0, 0.0, 0.0, 0.0, 0.99950656036366, -0.0314107591441],
      "ImagePositionPatient": [-1157.4213075638, -1177.1953093062, -40.204787971263],
      "ImageType": [
        "ORIGINAL",
        "PRIMARY",
        "DIFFUSION",
        "NONE",
        "ND",
        "MOSAIC"
],
      "ImagedNucleus": "1H",
      "ImagingFrequency": 297.187325,
      "InPlanePhaseEncodingDirection": "COL",
      "MRAcquisitionType": "2D",
      "MagneticFieldStrength": 7.0,
      "Manufacturer": "SIEMENS",
      "ManufacturerModelName": "Terra",
      "Modality": "MR",
      "NumberOfAverages": 1.0,
      "NumberOfPhaseEncodingSteps": 128,
      "PercentPhaseFieldOfView": 100.0,
      "PercentSampling": 100.0,
      "PerformedProcedureStepStartTime": "150237.872000",
      "PhotometricInterpretation": "MONOCHROME2",
      "PixelBandwidth": 1655.0,
      "PixelRepresentation": 0,
      "PixelSpacing": [1.25, 1.25],
      "ProtocolName": "sub-CRP02_ses-01_dir-PA_dwi",
      "RepetitionTime": 6500.0,
      "Rows": 1848,
      "SAR": 0.3087067455719,
      "SamplesPerPixel": 1,
      "ScanOptions": [
        "PFP",
        "FS"
],
      "ScanningSequence": "EP",
      "SequenceVariant": [
        "SK",
        "SP"
],
      "SeriesDescription": "sub-CRP02_ses-01_dir-PA_dwi",
      "SeriesNumber": 15,
      "SeriesTime": "154105.530000",
      "SliceLocation": -77.161547661505,
      "SliceThickness": 1.2999999523163,
      "SmallestImagePixelValue": 0,
      "SoftwareVersions": "syngo MR E12",
      "SpacingBetweenSlices": 1.3000000082706,
      "SpecificCharacterSet": "ISO_IR 100",
      "StudyID": "1",
      "StudyTime": "150237.819000",
      "TransmitCoilName": "1Tx32Rx_Head",
      "VariableFlipAngleFlag": "N",
      "WindowCenterWidthExplanation": "Algo1",
      "dBdt": 0.0},
    "slices": {}
  },
  "time": {
    "samples": {
      "AcquisitionNumber": [1, 2, 3, 4, 5, 6, 7, 8, 9, 10, 11, 12, 13, 14, 15, 16, 17, 18, 19, 20, 21, 22, 23, 24, 25, 26, 27, 28, 29, 30, 31, 32, 33, 34, 35, 36, 37, 38, 39, 40, 41, 42, 43, 44, 45, 46, 47, 48, 49, 50, 51, 52, 53, 54, 55],
      "AcquisitionTime": ["153746.355000", "153752.855000", "153759.355000", "153805.855000", "153812.355000", "153818.855000", "153825.355000", "153831.855000", "153838.355000", "153844.855000", "153851.355000", "153857.855000", "153904.355000", "153910.855000", "153917.355000", "153923.855000", "153930.355000", "153936.855000", "153943.355000", "153949.855000", "153956.355000", "154002.855000", "154009.355000", "154015.855000", "154022.355000", "154028.855000", "154035.355000", "154041.855000", "154048.355000", "154054.855000", "154101.355000", "154107.855000", "154114.355000", "154120.855000", "154127.355000", "154133.855000", "154140.355000", "154146.855000", "154153.355000", "154159.855000", "154206.355000", "154212.855000", "154219.355000", "154225.855000", "154232.355000", "154238.855000", "154245.355000", "154251.855000", "154258.355000", "154304.855000", "154311.355000", "154317.855000", "154324.355000", "154330.855000", "154337.355000"],
      "ContentTime": ["154105.534000", "154105.566000", "154105.603000", "154105.606000", "154105.610000", "154105.613000", "154105.617000", "154105.628000", "154105.631000", "154105.635000", "154105.639000", "154105.642000", "154105.645000", "154105.649000", "154105.653000", "154105.656000", "154105.660000", "154105.663000", "154105.667000", "154105.670000", "154105.674000", "154105.677000", "154105.681000", "154105.684000", "154105.688000", "154105.691000", "154105.695000", "154305.530000", "154305.533000", "154305.537000", "154305.541000", "154305.544000", "154305.548000", "154305.551000", "154305.555000", "154305.558000", "154305.562000", "154305.565000", "154305.569000", "154305.573000", "154305.576000", "154305.580000", "154305.583000", "154305.587000", "154305.591000", "154305.594000", "154305.598000", "154305.602000", "154305.606000", "154345.531000", "154345.535000", "154345.539000", "154345.543000", "154345.546000", "154345.550000"],
      "InstanceCreationTime": ["154105.534000", "154105.566000", "154105.603000", "154105.606000", "154105.610000", "154105.613000", "154105.617000", "154105.628000", "154105.631000", "154105.635000", "154105.639000", "154105.642000", "154105.645000", "154105.649000", "154105.653000", "154105.656000", "154105.660000", "154105.663000", "154105.667000", "154105.670000", "154105.674000", "154105.677000", "154105.681000", "154105.684000", "154105.688000", "154105.691000", "154105.695000", "154305.530000", "154305.533000", "154305.537000", "154305.541000", "154305.544000", "154305.548000", "154305.551000", "154305.555000", "154305.558000", "154305.562000", "154305.565000", "154305.569000", "154305.573000", "154305.576000", "154305.580000", "154305.583000", "154305.587000", "154305.591000", "154305.594000", "154305.598000", "154305.602000", "154305.606000", "154345.531000", "154345.535000", "154345.539000", "154345.543000", "154345.546000", "154345.550000"],
      "InstanceNumber": [1, 2, 3, 4, 5, 6, 7, 8, 9, 10, 11, 12, 13, 14, 15, 16, 17, 18, 19, 20, 21, 22, 23, 24, 25, 26, 27, 28, 29, 30, 31, 32, 33, 34, 35, 36, 37, 38, 39, 40, 41, 42, 43, 44, 45, 46, 47, 48, 49, 50, 51, 52, 53, 54, 55],
      "LargestImagePixelValue": [4095, 4095, 816, 742, 731, 775, 733, 796, 773, 817, 863, 731, 4095, 875, 797, 775, 839, 758, 863, 795, 786, 814, 853, 789, 4095, 780, 847, 807, 847, 838, 821, 773, 810, 709, 815, 790, 4095, 767, 786, 768, 807, 827, 811, 811, 798, 842, 648, 753, 712, 806, 855, 794, 823, 736, 688],
      "SequenceName": [
        "*ep_b0",
        "*ep_b0",
        "*ep_b1500#2",
        "*ep_b1500#3",
        "*ep_b1500#4",
        "*ep_b1500#5",
        "*ep_b1500#6",
        "*ep_b1450#7",
        "*ep_b1500#8",
        "*ep_b1450#9",
        "*ep_b1500#10",
        "*ep_b1500#11",
        "*ep_b0",
        "*ep_b1450#13",
        "*ep_b1500#14",
        "*ep_b1450#15",
        "*ep_b1500#16",
        "*ep_b1500#17",
        "*ep_b1450#18",
        "*ep_b1500#19",
        "*ep_b1500#20",
        "*ep_b1500#21",
        "*ep_b1550#22",
        "*ep_b1500#23",
        "*ep_b0",
        "*ep_b1500#25",
        "*ep_b1550#26",
        "*ep_b1500#27",
        "*ep_b1450#28",
        "*ep_b1500#29",
        "*ep_b1500#30",
        "*ep_b1500#31",
        "*ep_b1500#32",
        "*ep_b1500#33",
        "*ep_b1550#34",
        "*ep_b1500#35",
        "*ep_b0",
        "*ep_b1500#37",
        "*ep_b1500#38",
        "*ep_b1500#39",
        "*ep_b1450#40",
        "*ep_b1450#41",
        "*ep_b1500#42",
        "*ep_b1500#43",
        "*ep_b1450#44",
        "*ep_b1500#45",
        "*ep_b1500#46",
        "*ep_b1450#47",
        "*ep_b1500#48",
        "*ep_b1450#49",
        "*ep_b1500#50",
        "*ep_b1500#51",
        "*ep_b1450#52",
        "*ep_b1500#53",
        "*ep_b1500#54"
],
      "WindowCenter": [611.0, 608.0, 121.0, 121.0, 121.0, 120.0, 120.0, 124.0, 122.0, 124.0, 122.0, 122.0, 608.0, 126.0, 121.0, 123.0, 123.0, 121.0, 125.0, 122.0, 121.0, 124.0, 122.0, 122.0, 607.0, 121.0, 122.0, 124.0, 125.0, 122.0, 122.0, 122.0, 122.0, 119.0, 121.0, 120.0, 605.0, 121.0, 121.0, 121.0, 123.0, 123.0, 122.0, 120.0, 123.0, 123.0, 118.0, 123.0, 120.0, 124.0, 123.0, 122.0, 124.0, 119.0, 118.0],
      "WindowWidth": [1355.0, 1347.0, 297.0, 296.0, 296.0, 295.0, 295.0, 303.0, 300.0, 303.0, 297.0, 299.0, 1345.0, 306.0, 296.0, 301.0, 300.0, 296.0, 303.0, 299.0, 297.0, 303.0, 297.0, 300.0, 1343.0, 296.0, 297.0, 303.0, 304.0, 297.0, 299.0, 300.0, 298.0, 294.0, 296.0, 295.0, 1334.0, 296.0, 296.0, 296.0, 301.0, 301.0, 298.0, 293.0, 301.0, 301.0, 291.0, 300.0, 294.0, 303.0, 300.0, 300.0, 303.0, 293.0, 292.0]
    },
    "slices": {}
  }
}