{
  "AcquisitionMatrixPE": 168,
  "AcquisitionNumber": 1,
  "AcquisitionTime": "15:31:10.367500",
  "BandwidthPerPixelPhaseEncode": 17.253,
  "BaseResolution": 168,
  "BodyPartExamined": "BRAIN",
  "CoilString": "A32",
  "ConsistencyInfo": "N4_VE12U_LATEST_20181126",
  "ConversionSoftware": "dcm2niix",
  "ConversionSoftwareVersion": "v1.0.20201102",
  "DerivedVendorReportedEchoSpacing": 0.000690011,
  "DeviceSerialNumber": "79126",
  "DiffusionScheme": "Monopolar",
  "DwellTime": 1.8e-06,
  "EchoTime": 0.071,
  "EchoTrainLength": 64,
  "EffectiveEchoSpacing": 0.000345006,
  "FlipAngle": 90,
  "ImageOrientationPatientDICOM": [1, 0, 0, 0, 0.999507, -0.0314108],
  "ImageType": [
    "ORIGINAL",
    "PRIMARY",
    "DIFFUSION",
    "NONE",
    "ND",
    "MOSAIC"
],
  "ImagingFrequency": 297.187,
  "InPlanePhaseEncodingDirectionDICOM": "COL",
  "InstitutionAddress": "6th Street SE 2021,Minneapolis 400-628709,Chicago,US,55455",
  "InstitutionName": "CMRR 7T Terra",
  "InstitutionalDepartmentName": "Department",
  "MRAcquisitionType": "2D",
  "MagneticFieldStrength": 7,
  "Manufacturer": "Siemens",
  "ManufacturersModelName": "Terra",
  "Modality": "MR",
  "MultibandAccelerationFactor": 2,
  "ParallelReductionFactorInPlane": 2,
  "PartialFourier": 0.75,
  "PatientPosition": "HFS",
  "PercentPhaseFOV": 100,
  "PercentSampling": 100,
  "PhaseEncodingDirection": "j-",
  "PhaseEncodingSteps": 128,
  "PhaseResolution": 1,
  "PixelBandwidth": 1655,
  "ProcedureStepDescription": "hbraun^DBS_on_Terra",
  "ProtocolName": "sub-CRP02_ses-01_dir-AP_dwi",
  "PulseSequenceDetails": "%SiemensSeq%\\ep2d_diff",
  "ReceiveCoilName": "1Tx32Rx_Head",
  "ReconMatrixPE": 168,
  "RefLinesPE": 44,
  "RepetitionTime": 6.5,
  "SAR": 0.308707,
  "ScanOptions": "PFP\\FS",
  "ScanningSequence": "EP",
  "SequenceName": "*ep_b0",
  "SequenceVariant": "SK\\SP",
  "SeriesDescription": "sub-CRP02_ses-01_dir-AP_dwi",
  "SeriesNumber": 10,
  "ShimSetting": [-197, 1180, -4312, 76, 15, -257, 1107, 377],
  "SliceThickness": 1.3,
  "SliceTiming": [3.1925, 0, 3.3075, 0.1125, 3.42, 0.2275, 3.535, 0.3425, 3.6475, 0.455, 3.7625, 0.57, 3.8775, 0.6825, 3.99, 0.7975, 4.105, 0.9125, 4.2175, 1.025, 4.3325, 1.14, 4.4475, 1.2525, 4.56, 1.3675, 4.675, 1.4825, 4.7875, 1.595, 4.9025, 1.71, 5.0175, 1.825, 5.13, 1.9375, 5.245, 2.0525, 5.36, 2.165, 5.4725, 2.28, 5.5875, 2.395, 5.7, 2.5075, 5.815, 2.6225, 5.93, 2.735, 6.0425, 2.85, 6.1575, 2.965, 6.27, 3.0775, 6.385, 3.1925, 0, 3.3075, 0.1125, 3.42, 0.2275, 3.535, 0.3425, 3.6475, 0.455, 3.7625, 0.57, 3.8775, 0.6825, 3.99, 0.7975, 4.105, 0.9125, 4.2175, 1.025, 4.3325, 1.14, 4.4475, 1.2525, 4.56, 1.3675, 4.675, 1.4825, 4.7875, 1.595, 4.9025, 1.71, 5.0175, 1.825, 5.13, 1.9375, 5.245, 2.0525, 5.36, 2.165, 5.4725, 2.28, 5.5875, 2.395, 5.7, 2.5075, 5.815, 2.6225, 5.93, 2.735, 6.0425, 2.85, 6.1575, 2.965, 6.27, 3.0775, 6.385],
  "SoftwareVersions": "syngo MR E12",
  "SpacingBetweenSlices": 1.3,
  "StationName": "TERRA",
  "TotalReadoutTime": 0.0576159,
  "TxRefAmp": 230,
  "dcmmeta_affine": [
    [-1.25, 0.0, 0.0, 107.42131042480469],
    [0.0, 1.2493832111358643, -0.040833987295627594, -80.9335708618164],
    [0.0, 0.03926344960927963, 1.2993584871292114, -79.74308013916016],
    [0.0, 0.0, 0.0, 1.0]
],
  "dcmmeta_reorient_transform": [
    [0.0, -1.0, 0.0, 167.0],
    [1.0, 0.0, 0.0, 0.0],
    [0.0, 0.0, 1.0, 0.0],
    [0.0, 0.0, 0.0, 1.0]
],
  "dcmmeta_shape": [168, 168, 114, 55],
  "dcmmeta_slice_dim": 2,
  "dcmmeta_version": 0.6,
  "global": {
    "const": {
      "AcquisitionMatrix": [168, 0, 0, 168],
      "AngioFlag": "N",
      "BitsAllocated": 16,
      "BitsStored": 12,
      "BodyPartExamined": "BRAIN",
      "Columns": 1848,
      "EchoNumbers": 1,
      "EchoTime": 71.0,
      "EchoTrainLength": 64,
      "FlipAngle": 90.0,
      "HighBit": 11,
      "ImageOrientationPatient": [1.0, 0.0, 0.0, 0.0, 0.99950656036366, -0.0314107591441],
      "ImagePositionPatient": [-1157.4213075638, -1177.1953093062, -40.204787971263],
      "ImageType": [
        "ORIGINAL",
        "PRIMARY",
        "DIFFUSION",
        "NONE",
        "ND",
        "MOSAIC"
],
      "ImagedNucleus": "1H",
      "ImagingFrequency": 297.187328,
      "InPlanePhaseEncodingDirection": "COL",
      "MRAcquisitionType": "2D",
      "MagneticFieldStrength": 7.0,
      "Manufacturer": "SIEMENS",
      "ManufacturerModelName": "Terra",
      "Modality": "MR",
      "NumberOfAverages": 1.0,
      "NumberOfPhaseEncodingSteps": 128,
      "PercentPhaseFieldOfView": 100.0,
      "PercentSampling": 100.0,
      "PerformedProcedureStepStartTime": "150237.872000",
      "PhotometricInterpretation": "MONOCHROME2",
      "PixelBandwidth": 1655.0,
      "PixelRepresentation": 0,
      "PixelSpacing": [1.25, 1.25],
      "ProtocolName": "sub-CRP02_ses-01_dir-AP_dwi",
      "RepetitionTime": 6500.0,
      "Rows": 1848,
      "SAR": 0.30870674557227,
      "SamplesPerPixel": 1,
      "ScanOptions": [
        "PFP",
        "FS"
],
      "ScanningSequence": "EP",
      "SequenceVariant": [
        "SK",
        "SP"
],
      "SeriesDescription": "sub-CRP02_ses-01_dir-AP_dwi",
      "SeriesNumber": 10,
      "SeriesTime": "153320.701000",
      "SliceLocation": -77.161547661505,
      "SliceThickness": 1.2999999523163,
      "SmallestImagePixelValue": 0,
      "SoftwareVersions": "syngo MR E12",
      "SpacingBetweenSlices": 1.3000000082706,
      "SpecificCharacterSet": "ISO_IR 100",
      "StudyID": "1",
      "StudyTime": "150237.819000",
      "TransmitCoilName": "1Tx32Rx_Head",
      "VariableFlipAngleFlag": "N",
      "WindowCenterWidthExplanation": "Algo1",
      "dBdt": 0.0},
    "slices": {}
  },
  "time": {
    "samples": {
      "AcquisitionNumber": [1, 2, 3, 4, 5, 6, 7, 8, 9, 10, 11, 12, 13, 14, 15, 16, 17, 18, 19, 20, 21, 22, 23, 24, 25, 26, 27, 28, 29, 30, 31, 32, 33, 34, 35, 36, 37, 38, 39, 40, 41, 42, 43, 44, 45, 46, 47, 48, 49, 50, 51, 52, 53, 54, 55],
      "AcquisitionTime": ["153110.367500", "153116.867500", "153123.367500", "153129.867500", "153136.367500", "153142.867500", "153149.367500", "153155.867500", "153202.367500", "153208.867500", "153215.367500", "153221.867500", "153228.367500", "153234.867500", "153241.367500", "153247.867500", "153254.367500", "153300.867500", "153307.367500", "153313.867500", "153320.367500", "153326.867500", "153333.367500", "153339.867500", "153346.367500", "153352.867500", "153359.367500", "153405.867500", "153412.367500", "153418.867500", "153425.367500", "153431.867500", "153438.367500", "153444.867500", "153451.367500", "153457.867500", "153504.367500", "153510.867500", "153517.367500", "153523.867500", "153530.367500", "153536.867500", "153543.367500", "153549.867500", "153556.367500", "153602.867500", "153609.367500", "153615.867500", "153622.367500", "153628.867500", "153635.367500", "153641.867500", "153648.367500", "153654.867500", "153701.367500"],
      "ContentTime": ["153320.706000", "153320.711000", "153320.715000", "153320.719000", "153320.723000", "153320.727000", "153320.731000", "153320.735000", "153320.739000", "153320.743000", "153320.747000", "153320.750000", "153320.765000", "153320.768000", "153320.772000", "153320.776000", "153320.779000", "153320.783000", "153320.786000", "153320.790000", "153540.701000", "153540.705000", "153540.719000", "153540.722000", "153540.726000", "153540.729000", "153540.733000", "153540.736000", "153540.740000", "153540.744000", "153540.747000", "153540.751000", "153540.754000", "153540.758000", "153540.762000", "153540.765000", "153540.769000", "153540.772000", "153540.776000", "153540.779000", "153540.783000", "153720.699000", "153720.703000", "153720.707000", "153720.711000", "153720.715000", "153720.728000", "153720.732000", "153720.736000", "153720.739000", "153720.743000", "153720.746000", "153720.750000", "153720.753000", "153720.757000"],
      "InstanceCreationTime": ["153320.706000", "153320.711000", "153320.715000", "153320.719000", "153320.723000", "153320.727000", "153320.731000", "153320.735000", "153320.739000", "153320.743000", "153320.747000", "153320.750000", "153320.765000", "153320.768000", "153320.772000", "153320.776000", "153320.779000", "153320.783000", "153320.786000", "153320.790000", "153540.701000", "153540.705000", "153540.719000", "153540.722000", "153540.726000", "153540.729000", "153540.733000", "153540.736000", "153540.740000", "153540.744000", "153540.747000", "153540.751000", "153540.754000", "153540.758000", "153540.762000", "153540.765000", "153540.769000", "153540.772000", "153540.776000", "153540.779000", "153540.783000", "153720.699000", "153720.703000", "153720.707000", "153720.711000", "153720.715000", "153720.728000", "153720.732000", "153720.736000", "153720.739000", "153720.743000", "153720.746000", "153720.750000", "153720.753000", "153720.757000"],
      "InstanceNumber": [1, 2, 3, 4, 5, 6, 7, 8, 9, 10, 11, 12, 13, 14, 15, 16, 17, 18, 19, 20, 21, 22, 23, 24, 25, 26, 27, 28, 29, 30, 31, 32, 33, 34, 35, 36, 37, 38, 39, 40, 41, 42, 43, 44, 45, 46, 47, 48, 49, 50, 51, 52, 53, 54, 55],
      "LargestImagePixelValue": [4095, 4095, 742, 618, 633, 740, 657, 719, 686, 813, 757, 805, 4095, 717, 720, 818, 695, 736, 688, 733, 705, 705, 715, 748, 4095, 702, 721, 676, 714, 534, 686, 632, 683, 772, 706, 832, 4095, 697, 733, 670, 838, 732, 693, 738, 707, 792, 753, 797, 658, 787, 711, 730, 815, 810, 653],
      "SequenceName": [
        "*ep_b0",
        "*ep_b0",
        "*ep_b1500#2",
        "*ep_b1500#3",
        "*ep_b1500#4",
        "*ep_b1500#5",
        "*ep_b1500#6",
        "*ep_b1450#7",
        "*ep_b1500#8",
        "*ep_b1450#9",
        "*ep_b1500#10",
        "*ep_b1500#11",
        "*ep_b0",
        "*ep_b1450#13",
        "*ep_b1500#14",
        "*ep_b1450#15",
        "*ep_b1500#16",
        "*ep_b1500#17",
        "*ep_b1450#18",
        "*ep_b1500#19",
        "*ep_b1500#20",
        "*ep_b1500#21",
        "*ep_b1550#22",
        "*ep_b1500#23",
        "*ep_b0",
        "*ep_b1500#25",
        "*ep_b1550#26",
        "*ep_b1500#27",
        "*ep_b1450#28",
        "*ep_b1500#29",
        "*ep_b1500#30",
        "*ep_b1500#31",
        "*ep_b1500#32",
        "*ep_b1500#33",
        "*ep_b1550#34",
        "*ep_b1500#35",
        "*ep_b0",
        "*ep_b1500#37",
        "*ep_b1500#38",
        "*ep_b1500#39",
        "*ep_b1450#40",
        "*ep_b1450#41",
        "*ep_b1500#42",
        "*ep_b1500#43",
        "*ep_b1450#44",
        "*ep_b1500#45",
        "*ep_b1500#46",
        "*ep_b1450#47",
        "*ep_b1500#48",
        "*ep_b1450#49",
        "*ep_b1500#50",
        "*ep_b1500#51",
        "*ep_b1450#52",
        "*ep_b1500#53",
        "*ep_b1500#54"
],
      "WindowCenter": [613.0, 612.0, 119.0, 117.0, 117.0, 121.0, 118.0, 120.0, 118.0, 123.0, 123.0, 123.0, 611.0, 120.0, 120.0, 122.0, 120.0, 119.0, 119.0, 120.0, 121.0, 121.0, 117.0, 120.0, 609.0, 121.0, 117.0, 120.0, 120.0, 114.0, 118.0, 117.0, 117.0, 121.0, 116.0, 121.0, 605.0, 121.0, 120.0, 118.0, 123.0, 120.0, 120.0, 120.0, 118.0, 121.0, 122.0, 121.0, 119.0, 123.0, 117.0, 120.0, 121.0, 124.0, 116.0],
      "WindowWidth": [1362.0, 1360.0, 294.0, 291.0, 291.0, 297.0, 293.0, 297.0, 292.0, 301.0, 302.0, 301.0, 1355.0, 297.0, 295.0, 300.0, 297.0, 294.0, 295.0, 295.0, 299.0, 298.0, 290.0, 294.0, 1350.0, 298.0, 290.0, 298.0, 297.0, 287.0, 293.0, 291.0, 291.0, 297.0, 289.0, 296.0, 1338.0, 299.0, 294.0, 293.0, 301.0, 296.0, 297.0, 295.0, 293.0, 297.0, 300.0, 298.0, 295.0, 301.0, 290.0, 295.0, 298.0, 303.0, 288.0]
    },
    "slices": {}
  }
}