{
  "AcquisitionMatrixPE": 312,
  "AcquisitionNumber": 1,
  "AcquisitionTime": "09:47:48.732500",
  "BaseResolution": 384,
  "BodyPartExamined": "BRAIN",
  "CoilString": "A32",
  "ConsistencyInfo": "N4_VE12U_LATEST_20181126",
  "ConversionSoftware": "dcm2niix",
  "ConversionSoftwareVersion": "v1.0.20201102",
  "DeviceSerialNumber": "79126",
  "DwellTime": 7.2e-06,
  "EchoTime": 0.00348,
  "FlipAngle": 6,
  "ImageOrientationPatientDICOM": [1, 4.897e-12, -1.7e-14, -4.897e-12, 0.999994, -0.00349065],
  "ImageType": [
    "ORIGINAL",
    "PRIMARY",
    "M",
    "DIS3D",
    "DIS2D",
    "NORM"
],
  "ImagingFrequency": 297.187,
  "InPlanePhaseEncodingDirectionDICOM": "ROW",
  "InstitutionAddress": "6th Street SE 2021,Minneapolis 400-628709,Chicago,US,55455",
  "InstitutionName": "CMRR 7T Terra",
  "InstitutionalDepartmentName": "Department",
  "InversionTime": 1.5,
  "MRAcquisitionType": "3D",
  "MagneticFieldStrength": 7,
  "Manufacturer": "Siemens",
  "ManufacturersModelName": "Terra",
  "Modality": "MR",
  "ParallelReductionFactorInPlane": 3,
  "PartialFourier": 0.75,
  "PatientPosition": "HFS",
  "PercentPhaseFOV": 81.25,
  "PercentSampling": 100,
  "PhaseEncodingSteps": 235,
  "PhaseResolution": 1,
  "PixelBandwidth": 180,
  "ProcedureStepDescription": "hbraun^DBS_on_Terra",
  "ProtocolName": "sub-CRP01_ses-01_acq-axi_T1w",
  "PulseSequenceDetails": "%SiemensSeq%\\tfl",
  "ReceiveCoilName": "1Tx32Rx_Head",
  "ReconMatrixPE": 312,
  "RefLinesPE": 32,
  "RepetitionTime": 3.1,
  "SAR": 0.131379,
  "ScanOptions": "IR\\PFP",
  "ScanningSequence": "GR\\IR",
  "SequenceName": "*tfl3d1_16",
  "SequenceVariant": "SK\\SP\\MP",
  "SeriesDescription": "sub-CRP01_ses-01_acq-axi_T1w",
  "SeriesNumber": 3,
  "ShimSetting": [-119, 1103, -4130, -3, -58, -914, 855, 158],
  "SliceThickness": 0.6,
  "SoftwareVersions": "syngo MR E12",
  "StationName": "TERRA",
  "TxRefAmp": 220,
  "dcmmeta_affine": [
    [0.5989583134651184, -2.9330988592785046e-12, 0.0, -90.95452117919922],
    [2.9330988592785046e-12, 0.5989546775817871, -0.0020943910349160433, -84.9427490234375],
    [1.0182291479161193e-14, 0.002090754685923457, 0.5999963879585266, -73.13204193115234],
    [0.0, 0.0, 0.0, 1.0]
],
  "dcmmeta_reorient_transform": [
    [0.0, -1.0, 0.0, 383.0],
    [-1.0, 0.0, 0.0, 311.0],
    [0.0, 0.0, -1.0, 255.0],
    [0.0, 0.0, 0.0, 1.0]
],
  "dcmmeta_shape": [312, 384, 256],
  "dcmmeta_slice_dim": 2,
  "dcmmeta_version": 0.6,
  "global": {
    "const": {
      "AcquisitionMatrix": [0, 384, 312, 0],
      "AcquisitionNumber": 1,
      "AcquisitionTime": "094748.732500",
      "AngioFlag": "N",
      "BitsAllocated": 16,
      "BitsStored": 12,
      "BodyPartExamined": "BRAIN",
      "Columns": 312,
      "EchoNumbers": 1,
      "EchoTime": 3.48,
      "EchoTrainLength": 1,
      "FlipAngle": 6.0,
      "HighBit": 11,
      "ImageOrientationPatient": [1.0, 4.897e-12, -1.7e-14, -4.897e-12, 0.99999390765788, -0.0034906513907],
      "ImageType": [
        "ORIGINAL",
        "PRIMARY",
        "M",
        "DIS3D",
        "DIS2D",
        "NORM"
],
      "ImagedNucleus": "1H",
      "ImagingFrequency": 297.187284,
      "InPlanePhaseEncodingDirection": "ROW",
      "InversionTime": 1500.0,
      "MRAcquisitionType": "3D",
      "MagneticFieldStrength": 7.0,
      "Manufacturer": "SIEMENS",
      "ManufacturerModelName": "Terra",
      "Modality": "MR",
      "NumberOfAverages": 1.0,
      "NumberOfPhaseEncodingSteps": 235,
      "PercentPhaseFieldOfView": 81.25,
      "PercentSampling": 100.0,
      "PerformedProcedureStepStartTime": "093118.785000",
      "PhotometricInterpretation": "MONOCHROME2",
      "PixelBandwidth": 180.0,
      "PixelRepresentation": 0,
      "PixelSpacing": [0.59895831346512, 0.59895831346512],
      "ProtocolName": "sub-CRP01_ses-01_acq-axi_T1w",
      "RepetitionTime": 3100.0,
      "Rows": 384,
      "SAR": 0.1313794781427,
      "SamplesPerPixel": 1,
      "ScanOptions": [
        "IR",
        "PFP"
],
      "ScanningSequence": [
        "GR",
        "IR"
],
      "SequenceName": "*tfl3d1_16",
      "SequenceVariant": [
        "SK",
        "SP",
        "MP"
],
      "SeriesDescription": "sub-CRP01_ses-01_acq-axi_T1w",
      "SeriesNumber": 3,
      "SeriesTime": "095303.424000",
      "SliceThickness": 0.60000002384186,
      "SmallestImagePixelValue": 0,
      "SoftwareVersions": "syngo MR E12",
      "SpecificCharacterSet": "ISO_IR 100",
      "StudyID": "1",
      "StudyTime": "093118.724000",
      "TransmitCoilName": "1Tx32Rx_Head",
      "VariableFlipAngleFlag": "N",
      "WindowCenterWidthExplanation": "Algo1",
      "dBdt": 0.0},
