{
  "AcquisitionMatrixPE": 270,
  "AcquisitionNumber": 1,
  "AcquisitionTime": "15:44:17.092500",
  "BaseResolution": 224,
  "BodyPartExamined": "BRAIN",
  "CoilString": "A32",
  "ConsistencyInfo": "N4_VE12U_LATEST_20181126",
  "ConversionSoftware": "dcm2niix",
  "ConversionSoftwareVersion": "v1.0.20201102",
  "DeviceSerialNumber": "79126",
  "DwellTime": 2e-06,
  "EchoTime": 0.118,
  "EchoTrainLength": 122,
  "FlipAngle": 120,
  "ImageOrientationPatientDICOM": [0, 1, 0, 0, 0, -1],
  "ImageType": [
    "ORIGINAL",
    "PRIMARY",
    "M",
    "DIS3D",
    "DIS2D",
    "NORM"
],
  "ImagingFrequency": 297.187,
  "InPlanePhaseEncodingDirectionDICOM": "ROW",
  "InstitutionAddress": "6th Street SE 2021,Minneapolis 400-628709,Chicago,US,55455",
  "InstitutionName": "CMRR 7T Terra",
  "InstitutionalDepartmentName": "Department",
  "MRAcquisitionType": "3D",
  "MagneticFieldStrength": 7,
  "Manufacturer": "Siemens",
  "ManufacturersModelName": "Terra",
  "Modality": "MR",
  "ParallelReductionFactorInPlane": 9,
  "PartialFourier": 1,
  "PatientPosition": "HFS",
  "PercentPhaseFOV": 120.536,
  "PercentSampling": 100,
  "PhaseEncodingDirection": "i",
  "PhaseEncodingSteps": 236,
  "PhaseOversampling": 0.2,
  "PhaseResolution": 1,
  "PixelBandwidth": 1115,
  "ProcedureStepDescription": "hbraun^DBS_on_Terra",
  "ProtocolName": "sub-CRP02_ses-01_acq-space_T2w",
  "PulseSequenceDetails": "%SiemensSeq%\\tse_vfl",
  "ReceiveCoilActiveElements": "HEA;HEP",
  "ReceiveCoilName": "1Tx32Rx_Head",
  "ReconMatrixPE": 270,
  "RefLinesPE": 48,
  "RepetitionTime": 5,
  "SAR": 0.158104,
  "ScanOptions": "PFP",
  "ScanningSequence": "SE",
  "SequenceName": "*spcR_160ns",
  "SequenceVariant": "SK\\SP\\OSP",
  "SeriesDescription": "sub-CRP02_ses-01_acq-space_T2w",
  "SeriesNumber": 20,
  "ShimSetting": [-197, 1180, -4312, 76, 15, -257, 1107, 377],
  "SliceThickness": 0.8,
  "SoftwareVersions": "syngo MR E12",
  "StationName": "TERRA",
  "TxRefAmp": 221.712,
  "dcmmeta_affine": [
    [0.7999999523162842, 0.0, 0.0, -76.36570739746094],
    [0.0, 0.8035714030265808, 0.0, -89.93881225585938],
    [0.0, 0.0, 0.8035714030265808, -95.7129898071289],
    [0.0, 0.0, 0.0, 1.0]
],
  "dcmmeta_reorient_transform": [
    [0.0, 0.0, -1.0, 223.0],
    [0.0, -1.0, 0.0, 269.0],
    [-1.0, 0.0, 0.0, 207.0],
    [0.0, 0.0, 0.0, 1.0]
],
  "dcmmeta_shape": [208, 270, 224],
  "dcmmeta_slice_dim": 0,
  "dcmmeta_version": 0.6,
  "global": {
    "const": {
      "AcquisitionMatrix": [0, 224, 270, 0],
      "AcquisitionNumber": 1,
      "AcquisitionTime": "154417.092500",
      "AngioFlag": "N",
      "BitsAllocated": 16,
      "BitsStored": 12,
      "BodyPartExamined": "BRAIN",
      "Columns": 270,
      "EchoNumbers": 1,
      "EchoTime": 118.0,
      "EchoTrainLength": 122,
      "FlipAngle": 120.0,
      "HighBit": 11,
      "ImageOrientationPatient": [0.0, 1.0, 0.0, 0.0, 0.0, -1.0],
      "ImageType": [
        "ORIGINAL",
        "PRIMARY",
        "M",
        "DIS3D",
        "DIS2D",
        "NORM"
],
      "ImagedNucleus": "1H",
      "ImagingFrequency": 297.187325,
      "InPlanePhaseEncodingDirection": "ROW",
      "MRAcquisitionType": "3D",
      "MagneticFieldStrength": 7.0,
      "Manufacturer": "SIEMENS",
      "ManufacturerModelName": "Terra",
      "Modality": "MR",
      "NumberOfAverages": 1.0,
      "NumberOfPhaseEncodingSteps": 236,
      "PercentPhaseFieldOfView": 120.53571444444,
      "PercentSampling": 100.0,
      "PerformedProcedureStepStartTime": "150237.872000",
      "PhotometricInterpretation": "MONOCHROME2",
      "PixelBandwidth": 1115.0,
      "PixelRepresentation": 0,
      "PixelSpacing": [0.80357140302658, 0.80357140302658],
      "ProtocolName": "sub-CRP02_ses-01_acq-space_T2w",
      "RepetitionTime": 5000.0,
      "Rows": 224,
      "SAR": 0.15810419246588,
      "SamplesPerPixel": 1,
      "ScanOptions": "PFP",
      "ScanningSequence": "SE",
      "SequenceName": "*spcR_160ns",
      "SequenceVariant": [
        "SK",
        "SP",
        "OSP"
],
      "SeriesDescription": "sub-CRP02_ses-01_acq-space_T2w",
      "SeriesNumber": 20,
      "SeriesTime": "155205.103000",
      "SliceThickness": 0.79999995231628,
      "SmallestImagePixelValue": 0,
      "SoftwareVersions": "syngo MR E12",
      "SpecificCharacterSet": "ISO_IR 100",
      "StudyID": "1",
      "StudyTime": "150237.819000",
      "TransmitCoilName": "1Tx32Rx_Head",
      "VariableFlipAngleFlag": "Y",
      "WindowCenterWidthExplanation": "Algo1",
      "dBdt": 0.0},
