{
  "AcquisitionMatrixPE": 168,
  "AcquisitionNumber": 1,
  "AcquisitionTime": "09:54:23.705000",
  "BandwidthPerPixelPhaseEncode": 17.253,
  "BaseResolution": 168,
  "BodyPartExamined": "BRAIN",
  "CoilString": "A32",
  "ConsistencyInfo": "N4_VE12U_LATEST_20181126",
  "ConversionSoftware": "dcm2niix",
  "ConversionSoftwareVersion": "v1.0.20201102",
  "DerivedVendorReportedEchoSpacing": 0.000690011,
  "DeviceSerialNumber": "79126",
  "DiffusionScheme": "Monopolar",
  "DwellTime": 1.8e-06,
  "EchoTime": 0.071,
  "EchoTrainLength": 64,
  "EffectiveEchoSpacing": 0.000345006,
  "FlipAngle": 90,
  "ImageOrientationPatientDICOM": [1, 0, 0, 0, 0.999507, -0.0314108],
  "ImageType": [
    "ORIGINAL",
    "PRIMARY",
    "DIFFUSION",
    "NONE",
    "ND",
    "MOSAIC"
],
  "ImagingFrequency": 297.187,
  "InPlanePhaseEncodingDirectionDICOM": "COL",
  "InstitutionAddress": "6th Street SE 2021,Minneapolis 400-628709,Chicago,US,55455",
  "InstitutionName": "CMRR 7T Terra",
  "InstitutionalDepartmentName": "Department",
  "MRAcquisitionType": "2D",
  "MagneticFieldStrength": 7,
  "Manufacturer": "Siemens",
  "ManufacturersModelName": "Terra",
  "Modality": "MR",
  "MultibandAccelerationFactor": 2,
  "ParallelReductionFactorInPlane": 2,
  "PartialFourier": 0.75,
  "PatientPosition": "HFS",
  "PercentPhaseFOV": 100,
  "PercentSampling": 100,
  "PhaseEncodingDirection": "j-",
  "PhaseEncodingSteps": 128,
  "PhaseResolution": 1,
  "PixelBandwidth": 1655,
  "ProcedureStepDescription": "hbraun^DBS_on_Terra",
  "ProtocolName": "sub-CRP01_ses-01_dir-AP_dwi",
  "PulseSequenceDetails": "%SiemensSeq%\\ep2d_diff",
  "ReceiveCoilName": "1Tx32Rx_Head",
  "ReconMatrixPE": 168,
  "RefLinesPE": 44,
  "RepetitionTime": 6.5,
  "SAR": 0.194049,
  "ScanOptions": "PFP\\FS",
  "ScanningSequence": "EP",
  "SequenceName": "*ep_b0",
  "SequenceVariant": "SK\\SP",
  "SeriesDescription": "sub-CRP01_ses-01_dir-AP_dwi",
  "SeriesNumber": 4,
  "ShimSetting": [-119, 1103, -4130, -3, -58, -914, 855, 158],
  "SliceThickness": 1.3,
  "SliceTiming": [3.1925, 0, 3.305, 0.1125, 3.42, 0.2275, 3.535, 0.34, 3.6475, 0.455, 3.7625, 0.57, 3.875, 0.6825, 3.99, 0.7975, 4.105, 0.9125, 4.2175, 1.025, 4.3325, 1.14, 4.4475, 1.2525, 4.56, 1.3675, 4.675, 1.4825, 4.7875, 1.595, 4.9025, 1.71, 5.0175, 1.8225, 5.13, 1.9375, 5.245, 2.0525, 5.3575, 2.165, 5.4725, 2.28, 5.5875, 2.3925, 5.7, 2.5075, 5.815, 2.6225, 5.9275, 2.735, 6.0425, 2.85, 6.1575, 2.965, 6.27, 3.0775, 6.385, 3.1925, 0, 3.305, 0.1125, 3.42, 0.2275, 3.535, 0.34, 3.6475, 0.455, 3.7625, 0.57, 3.875, 0.6825, 3.99, 0.7975, 4.105, 0.9125, 4.2175, 1.025, 4.3325, 1.14, 4.4475, 1.2525, 4.56, 1.3675, 4.675, 1.4825, 4.7875, 1.595, 4.9025, 1.71, 5.0175, 1.8225, 5.13, 1.9375, 5.245, 2.0525, 5.3575, 2.165, 5.4725, 2.28, 5.5875, 2.3925, 5.7, 2.5075, 5.815, 2.6225, 5.9275, 2.735, 6.0425, 2.85, 6.1575, 2.965, 6.27, 3.0775, 6.385],
  "SoftwareVersions": "syngo MR E12",
  "SpacingBetweenSlices": 1.3,
  "StationName": "TERRA",
  "TotalReadoutTime": 0.0576159,
  "TxRefAmp": 230,
  "dcmmeta_affine": [
    [-1.25, 0.0, 0.0, 111.05326843261719],
    [0.0, 1.2493832111358643, -0.040833987295627594, -83.960205078125],
    [0.0, 0.03926344960927963, 1.2993584871292114, -71.26850891113281],
    [0.0, 0.0, 0.0, 1.0]
],
  "dcmmeta_reorient_transform": [
    [0.0, -1.0, 0.0, 167.0],
    [1.0, 0.0, 0.0, 0.0],
    [0.0, 0.0, 1.0, 0.0],
    [0.0, 0.0, 0.0, 1.0]
],
  "dcmmeta_shape": [168, 168, 114, 55],
  "dcmmeta_slice_dim": 2,
  "dcmmeta_version": 0.6,
  "global": {
    "const": {
      "AcquisitionMatrix": [168, 0, 0, 168],
      "AngioFlag": "N",
      "BitsAllocated": 16,
      "BitsStored": 12,
      "BodyPartExamined": "BRAIN",
      "Columns": 1848,
      "EchoNumbers": 1,
      "EchoTime": 71.0,
      "EchoTrainLength": 64,
      "FlipAngle": 90.0,
      "HighBit": 11,
      "ImageOrientationPatient": [1.0, 0.0, 0.0, 0.0, 0.99950656036366, -0.0314107591441],
      "ImagePositionPatient": [-1161.0532689095, -1174.1686750899, -31.730216743236],
      "ImageType": [
        "ORIGINAL",
        "PRIMARY",
        "DIFFUSION",
        "NONE",
        "ND",
        "MOSAIC"
],
      "ImagedNucleus": "1H",
      "ImagingFrequency": 297.187276,
      "InPlanePhaseEncodingDirection": "COL",
      "MRAcquisitionType": "2D",
      "MagneticFieldStrength": 7.0,
      "Manufacturer": "SIEMENS",
      "ManufacturerModelName": "Terra",
      "Modality": "MR",
      "NumberOfAverages": 1.0,
      "NumberOfPhaseEncodingSteps": 128,
      "PercentPhaseFieldOfView": 100.0,
      "PercentSampling": 100.0,
      "PerformedProcedureStepStartTime": "093118.785000",
      "PhotometricInterpretation": "MONOCHROME2",
      "PixelBandwidth": 1655.0,
      "PixelRepresentation": 0,
      "PixelSpacing": [1.25, 1.25],
      "ProtocolName": "sub-CRP01_ses-01_dir-AP_dwi",
      "RepetitionTime": 6500.0,
      "Rows": 1848,
      "SAR": 0.19404919417237,
      "SamplesPerPixel": 1,
      "ScanOptions": [
        "PFP",
        "FS"
],
      "ScanningSequence": "EP",
      "SequenceVariant": [
        "SK",
        "SP"
],
      "SeriesDescription": "sub-CRP01_ses-01_dir-AP_dwi",
      "SeriesNumber": 4,
      "SeriesTime": "095439.845000",
      "SliceLocation": -68.596089244437,
      "SliceThickness": 1.2999999523163,
      "SmallestImagePixelValue": 0,
      "SoftwareVersions": "syngo MR E12",
      "SpacingBetweenSlices": 1.3000000085357,
      "SpecificCharacterSet": "ISO_IR 100",
      "StudyID": "1",
      "StudyTime": "093118.724000",
      "TransmitCoilName": "1Tx32Rx_Head",
      "VariableFlipAngleFlag": "N",
      "WindowCenterWidthExplanation": "Algo1",
      "dBdt": 0.0},
    "slices": {}
  },
  "time": {
    "samples": {
      "AcquisitionNumber": [1, 2, 3, 4, 5, 6, 7, 8, 9, 10, 11, 12, 13, 14, 15, 16, 17, 18, 19, 20, 21, 22, 23, 24, 25, 26, 27, 28, 29, 30, 31, 32, 33, 34, 35, 36, 37, 38, 39, 40, 41, 42, 43, 44, 45, 46, 47, 48, 49, 50, 51, 52, 53, 54, 55],
      "AcquisitionTime": ["095423.705000", "095430.205000", "095436.705000", "095443.205000", "095449.705000", "095456.205000", "095502.705000", "095509.205000", "095515.705000", "095522.205000", "095528.705000", "095535.205000", "095541.705000", "095548.205000", "095554.705000", "095601.205000", "095607.705000", "095614.205000", "095620.705000", "095627.205000", "095633.705000", "095640.205000", "095646.705000", "095653.205000", "095659.705000", "095706.205000", "095712.705000", "095719.205000", "095725.705000", "095732.205000", "095738.705000", "095745.205000", "095751.705000", "095758.205000", "095804.705000", "095811.205000", "095817.705000", "095824.205000", "095830.705000", "095837.205000", "095843.705000", "095850.205000", "095856.705000", "095903.205000", "095909.705000", "095916.205000", "095922.705000", "095929.205000", "095935.705000", "095942.205000", "095948.705000", "095955.205000", "100001.705000", "100008.205000", "100014.705000"],
      "ContentTime": ["095439.852000", "095439.864000", "095659.840000", "095659.844000", "095659.848000", "095659.852000", "095659.856000", "095659.859000", "095659.863000", "095659.867000", "095659.878000", "095659.882000", "095659.890000", "095659.894000", "095659.897000", "095659.901000", "095659.908000", "095659.911000", "095659.915000", "095659.918000", "095659.922000", "095659.926000", "095659.929000", "095659.932000", "095919.840000", "095919.844000", "095919.848000", "095919.852000", "095919.855000", "095919.859000", "095919.862000", "095919.866000", "095919.869000", "095919.873000", "095919.885000", "095919.888000", "095919.892000", "095919.895000", "095919.912000", "095919.916000", "095919.920000", "095919.923000", "095919.927000", "095919.930000", "095919.948000", "100025.335000", "100025.341000", "100025.345000", "100025.361000", "100025.365000", "100025.369000", "100025.373000", "100025.377000", "100025.381000", "100025.386000"],
      "InstanceCreationTime": ["095439.852000", "095439.864000", "095659.840000", "095659.844000", "095659.848000", "095659.852000", "095659.856000", "095659.859000", "095659.863000", "095659.867000", "095659.878000", "095659.882000", "095659.890000", "095659.894000", "095659.897000", "095659.901000", "095659.908000", "095659.911000", "095659.915000", "095659.918000", "095659.922000", "095659.926000", "095659.929000", "095659.932000", "095919.840000", "095919.844000", "095919.848000", "095919.852000", "095919.855000", "095919.859000", "095919.862000", "095919.866000", "095919.869000", "095919.873000", "095919.885000", "095919.888000", "095919.892000", "095919.895000", "095919.912000", "095919.916000", "095919.920000", "095919.923000", "095919.927000", "095919.930000", "095919.948000", "100025.335000", "100025.341000", "100025.345000", "100025.361000", "100025.365000", "100025.369000", "100025.373000", "100025.377000", "100025.381000", "100025.386000"],
      "InstanceNumber": [1, 2, 3, 4, 5, 6, 7, 8, 9, 10, 11, 12, 13, 14, 15, 16, 17, 18, 19, 20, 21, 22, 23, 24, 25, 26, 27, 28, 29, 30, 31, 32, 33, 34, 35, 36, 37, 38, 39, 40, 41, 42, 43, 44, 45, 46, 47, 48, 49, 50, 51, 52, 53, 54, 55],
      "LargestImagePixelValue": [4095, 4095, 380, 406, 415, 390, 401, 400, 382, 400, 396, 390, 4095, 393, 388, 385, 427, 386, 391, 380, 400, 393, 397, 392, 4095, 407, 406, 399, 393, 383, 400, 396, 401, 371, 397, 381, 4095, 392, 361, 413, 414, 387, 375, 371, 397, 391, 396, 407, 413, 387, 379, 393, 429, 376, 377],
      "SequenceName": [
        "*ep_b0",
        "*ep_b0",
        "*ep_b1500#2",
        "*ep_b1500#3",
        "*ep_b1500#4",
        "*ep_b1500#5",
        "*ep_b1500#6",
        "*ep_b1450#7",
        "*ep_b1500#8",
        "*ep_b1450#9",
        "*ep_b1500#10",
        "*ep_b1500#11",
        "*ep_b0",
        "*ep_b1450#13",
        "*ep_b1500#14",
        "*ep_b1450#15",
        "*ep_b1500#16",
        "*ep_b1500#17",
        "*ep_b1450#18",
        "*ep_b1500#19",
        "*ep_b1500#20",
        "*ep_b1500#21",
        "*ep_b1550#22",
        "*ep_b1500#23",
        "*ep_b0",
        "*ep_b1500#25",
        "*ep_b1550#26",
        "*ep_b1500#27",
        "*ep_b1450#28",
        "*ep_b1500#29",
        "*ep_b1500#30",
        "*ep_b1500#31",
        "*ep_b1500#32",
        "*ep_b1500#33",
        "*ep_b1550#34",
        "*ep_b1500#35",
        "*ep_b0",
        "*ep_b1500#37",
        "*ep_b1500#38",
        "*ep_b1500#39",
        "*ep_b1450#40",
        "*ep_b1450#41",
        "*ep_b1500#42",
        "*ep_b1500#43",
        "*ep_b1450#44",
        "*ep_b1500#45",
        "*ep_b1500#46",
        "*ep_b1450#47",
        "*ep_b1500#48",
        "*ep_b1450#49",
        "*ep_b1500#50",
        "*ep_b1500#51",
        "*ep_b1450#52",
        "*ep_b1500#53",
        "*ep_b1500#54"
],
      "WindowCenter": [637.0, 635.0, 95.0, 98.0, 97.0, 96.0, 97.0, 97.0, 95.0, 97.0, 98.0, 99.0, 633.0, 97.0, 94.0, 97.0, 99.0, 95.0, 98.0, 94.0, 99.0, 97.0, 96.0, 97.0, 631.0, 97.0, 94.0, 99.0, 98.0, 96.0, 98.0, 96.0, 96.0, 94.0, 96.0, 94.0, 629.0, 97.0, 93.0, 98.0, 99.0, 95.0, 97.0, 94.0, 97.0, 97.0, 96.0, 96.0, 99.0, 96.0, 94.0, 97.0, 98.0, 96.0, 95.0],
      "WindowWidth": [1442.0, 1439.0, 249.0, 254.0, 253.0, 252.0, 254.0, 254.0, 250.0, 252.0, 256.0, 258.0, 1429.0, 254.0, 248.0, 253.0, 258.0, 248.0, 254.0, 247.0, 258.0, 253.0, 250.0, 253.0, 1423.0, 253.0, 247.0, 258.0, 254.0, 252.0, 254.0, 250.0, 250.0, 248.0, 251.0, 246.0, 1416.0, 254.0, 246.0, 256.0, 256.0, 249.0, 253.0, 248.0, 252.0, 253.0, 251.0, 251.0, 258.0, 251.0, 246.0, 253.0, 255.0, 252.0, 249.0]
    },
    "slices": {}
  }
}