{
  "AcquisitionMatrixPE": 168,
  "AcquisitionNumber": 1,
  "AcquisitionTime": "10:00:59.757500",
  "BandwidthPerPixelPhaseEncode": 17.253,
  "BaseResolution": 168,
  "BodyPartExamined": "BRAIN",
  "CoilString": "A32",
  "ConsistencyInfo": "N4_VE12U_LATEST_20181126",
  "ConversionSoftware": "dcm2niix",
  "ConversionSoftwareVersion": "v1.0.20201102",
  "DerivedVendorReportedEchoSpacing": 0.000690011,
  "DeviceSerialNumber": "79126",
  "DiffusionScheme": "Monopolar",
  "DwellTime": 1.8e-06,
  "EchoTime": 0.071,
  "EchoTrainLength": 64,
  "EffectiveEchoSpacing": 0.000345006,
  "FlipAngle": 90,
  "ImageOrientationPatientDICOM": [1, 0, 0, 0, 0.999507, -0.0314108],
  "ImageType": [
    "ORIGINAL",
    "PRIMARY",
    "DIFFUSION",
    "NONE",
    "ND",
    "MOSAIC"
],
  "ImagingFrequency": 297.187,
  "InPlanePhaseEncodingDirectionDICOM": "COL",
  "InstitutionAddress": "6th Street SE 2021,Minneapolis 400-628709,Chicago,US,55455",
  "InstitutionName": "CMRR 7T Terra",
  "InstitutionalDepartmentName": "Department",
  "MRAcquisitionType": "2D",
  "MagneticFieldStrength": 7,
  "Manufacturer": "Siemens",
  "ManufacturersModelName": "Terra",
  "Modality": "MR",
  "MultibandAccelerationFactor": 2,
  "ParallelReductionFactorInPlane": 2,
  "PartialFourier": 0.75,
  "PatientPosition": "HFS",
  "PercentPhaseFOV": 100,
  "PercentSampling": 100,
  "PhaseEncodingDirection": "j",
  "PhaseEncodingSteps": 128,
  "PhaseResolution": 1,
  "PixelBandwidth": 1655,
  "ProcedureStepDescription": "hbraun^DBS_on_Terra",
  "ProtocolName": "sub-CRP01_ses-01_dir-PA_dwi.json",
  "PulseSequenceDetails": "%SiemensSeq%\\ep2d_diff",
  "ReceiveCoilName": "1Tx32Rx_Head",
  "ReconMatrixPE": 168,
  "RefLinesPE": 44,
  "RepetitionTime": 6.5,
  "SAR": 0.194049,
  "ScanOptions": "PFP\\FS",
  "ScanningSequence": "EP",
  "SequenceName": "*ep_b0",
  "SequenceVariant": "SK\\SP",
  "SeriesDescription": "sub-CRP01_ses-01_dir-PA_dwi.json",
  "SeriesNumber": 11,
  "ShimSetting": [-119, 1103, -4130, -3, -58, -914, 855, 158],
  "SliceThickness": 1.3,
  "SliceTiming": [3.1925, 0, 3.3075, 0.1125, 3.42, 0.2275, 3.535, 0.3425, 3.6475, 0.455, 3.7625, 0.57, 3.8775, 0.6825, 3.99, 0.7975, 4.105, 0.9125, 4.2175, 1.025, 4.3325, 1.14, 4.4475, 1.255, 4.56, 1.3675, 4.675, 1.4825, 4.7875, 1.595, 4.9025, 1.71, 5.0175, 1.825, 5.13, 1.9375, 5.245, 2.0525, 5.36, 2.165, 5.4725, 2.28, 5.5875, 2.395, 5.7, 2.5075, 5.815, 2.6225, 5.93, 2.735, 6.0425, 2.85, 6.1575, 2.965, 6.27, 3.0775, 6.385, 3.1925, 0, 3.3075, 0.1125, 3.42, 0.2275, 3.535, 0.3425, 3.6475, 0.455, 3.7625, 0.57, 3.8775, 0.6825, 3.99, 0.7975, 4.105, 0.9125, 4.2175, 1.025, 4.3325, 1.14, 4.4475, 1.255, 4.56, 1.3675, 4.675, 1.4825, 4.7875, 1.595, 4.9025, 1.71, 5.0175, 1.825, 5.13, 1.9375, 5.245, 2.0525, 5.36, 2.165, 5.4725, 2.28, 5.5875, 2.395, 5.7, 2.5075, 5.815, 2.6225, 5.93, 2.735, 6.0425, 2.85, 6.1575, 2.965, 6.27, 3.0775, 6.385],
  "SoftwareVersions": "syngo MR E12",
  "SpacingBetweenSlices": 1.3,
  "StationName": "TERRA",
  "TotalReadoutTime": 0.0576159,
  "TxRefAmp": 230,
  "dcmmeta_affine": [
    [-1.25, 0.0, 0.0, 111.05326843261719],
    [0.0, 1.2493832111358643, -0.040833987295627594, -83.960205078125],
    [0.0, 0.03926344960927963, 1.2993584871292114, -71.26850891113281],
    [0.0, 0.0, 0.0, 1.0]
],
  "dcmmeta_reorient_transform": [
    [0.0, -1.0, 0.0, 167.0],
    [1.0, 0.0, 0.0, 0.0],
    [0.0, 0.0, 1.0, 0.0],
    [0.0, 0.0, 0.0, 1.0]
],
  "dcmmeta_shape": [168, 168, 114, 55],
  "dcmmeta_slice_dim": 2,
  "dcmmeta_version": 0.6,
  "global": {
    "const": {
      "AcquisitionMatrix": [168, 0, 0, 168],
      "AngioFlag": "N",
      "BitsAllocated": 16,
      "BitsStored": 12,
      "BodyPartExamined": "BRAIN",
      "Columns": 1848,
      "EchoNumbers": 1,
      "EchoTime": 71.0,
      "EchoTrainLength": 64,
      "FlipAngle": 90.0,
      "HighBit": 11,
      "ImageOrientationPatient": [1.0, 0.0, 0.0, 0.0, 0.99950656036366, -0.0314107591441],
      "ImagePositionPatient": [-1161.0532689095, -1174.1686750899, -31.730216743236],
      "ImageType": [
        "ORIGINAL",
        "PRIMARY",
        "DIFFUSION",
        "NONE",
        "ND",
        "MOSAIC"
],
      "ImagedNucleus": "1H",
      "ImagingFrequency": 297.187279,
      "InPlanePhaseEncodingDirection": "COL",
      "MRAcquisitionType": "2D",
      "MagneticFieldStrength": 7.0,
      "Manufacturer": "SIEMENS",
      "ManufacturerModelName": "Terra",
      "Modality": "MR",
      "NumberOfAverages": 1.0,
      "NumberOfPhaseEncodingSteps": 128,
      "PercentPhaseFieldOfView": 100.0,
      "PercentSampling": 100.0,
      "PerformedProcedureStepStartTime": "093118.785000",
      "PhotometricInterpretation": "MONOCHROME2",
      "PixelBandwidth": 1655.0,
      "PixelRepresentation": 0,
      "PixelSpacing": [1.25, 1.25],
      "ProtocolName": "sub-CRP01_ses-01_dir-PA_dwi.json",
      "RepetitionTime": 6500.0,
      "Rows": 1848,
      "SAR": 0.19404919417247,
      "SamplesPerPixel": 1,
      "ScanOptions": [
        "PFP",
        "FS"
],
      "ScanningSequence": "EP",
      "SequenceVariant": [
        "SK",
        "SP"
],
      "SeriesDescription": "sub-CRP01_ses-01_dir-PA_dwi.json",
      "SeriesNumber": 11,
      "SeriesTime": "100321.824000",
      "SliceLocation": -68.596089244437,
      "SliceThickness": 1.2999999523163,
      "SmallestImagePixelValue": 0,
      "SoftwareVersions": "syngo MR E12",
      "SpacingBetweenSlices": 1.3000000085357,
      "SpecificCharacterSet": "ISO_IR 100",
      "StudyID": "1",
      "StudyTime": "093118.724000",
      "TransmitCoilName": "1Tx32Rx_Head",
      "VariableFlipAngleFlag": "N",
      "WindowCenterWidthExplanation": "Algo1",
      "dBdt": 0.0},
    "slices": {}
  },
  "time": {
    "samples": {
      "AcquisitionNumber": [1, 2, 3, 4, 5, 6, 7, 8, 9, 10, 11, 12, 13, 14, 15, 16, 17, 18, 19, 20, 21, 22, 23, 24, 25, 26, 27, 28, 29, 30, 31, 32, 33, 34, 35, 36, 37, 38, 39, 40, 41, 42, 43, 44, 45, 46, 47, 48, 49, 50, 51, 52, 53, 54, 55],
      "AcquisitionTime": ["100059.757500", "100106.257500", "100112.757500", "100119.257500", "100125.757500", "100132.257500", "100138.757500", "100145.257500", "100151.757500", "100158.257500", "100204.757500", "100211.257500", "100217.757500", "100224.257500", "100230.757500", "100237.257500", "100243.757500", "100250.257500", "100256.757500", "100303.257500", "100309.757500", "100316.257500", "100322.757500", "100329.257500", "100335.757500", "100342.257500", "100348.757500", "100355.257500", "100401.757500", "100408.257500", "100414.757500", "100421.257500", "100427.757500", "100434.257500", "100440.757500", "100447.257500", "100453.757500", "100500.257500", "100506.757500", "100513.257500", "100519.757500", "100526.257500", "100532.757500", "100539.257500", "100545.757500", "100552.257500", "100558.757500", "100605.257500", "100611.757500", "100618.257500", "100624.757500", "100631.257500", "100637.757500", "100644.257500", "100650.757500"],
      "ContentTime": ["100321.828000", "100321.833000", "100321.836000", "100321.851000", "100321.855000", "100321.859000", "100321.869000", "100321.872000", "100321.876000", "100321.880000", "100321.883000", "100321.887000", "100321.890000", "100321.894000", "100321.901000", "100321.905000", "100321.909000", "100321.912000", "100321.916000", "100321.919000", "100321.923000", "100401.823000", "100401.827000", "100401.840000", "100401.843000", "100401.847000", "100401.850000", "100401.854000", "100621.823000", "100621.827000", "100621.841000", "100621.844000", "100621.848000", "100621.851000", "100621.855000", "100621.859000", "100621.862000", "100621.865000", "100621.869000", "100621.873000", "100621.877000", "100621.881000", "100621.885000", "100621.888000", "100621.892000", "100621.895000", "100621.899000", "100621.902000", "100621.906000", "100701.063000", "100701.067000", "100701.071000", "100701.074000", "100701.078000", "100701.082000"],
      "InstanceCreationTime": ["100321.828000", "100321.833000", "100321.836000", "100321.851000", "100321.855000", "100321.859000", "100321.869000", "100321.872000", "100321.876000", "100321.880000", "100321.883000", "100321.887000", "100321.890000", "100321.894000", "100321.901000", "100321.905000", "100321.909000", "100321.912000", "100321.916000", "100321.919000", "100321.923000", "100401.823000", "100401.827000", "100401.840000", "100401.843000", "100401.847000", "100401.850000", "100401.854000", "100621.823000", "100621.827000", "100621.841000", "100621.844000", "100621.848000", "100621.851000", "100621.855000", "100621.859000", "100621.862000", "100621.865000", "100621.869000", "100621.873000", "100621.877000", "100621.881000", "100621.885000", "100621.888000", "100621.892000", "100621.895000", "100621.899000", "100621.902000", "100621.906000", "100701.063000", "100701.067000", "100701.071000", "100701.074000", "100701.078000", "100701.082000"],
      "InstanceNumber": [1, 2, 3, 4, 5, 6, 7, 8, 9, 10, 11, 12, 13, 14, 15, 16, 17, 18, 19, 20, 21, 22, 23, 24, 25, 26, 27, 28, 29, 30, 31, 32, 33, 34, 35, 36, 37, 38, 39, 40, 41, 42, 43, 44, 45, 46, 47, 48, 49, 50, 51, 52, 53, 54, 55],
      "LargestImagePixelValue": [4095, 4095, 478, 421, 408, 397, 470, 402, 412, 451, 435, 421, 4095, 426, 445, 411, 435, 470, 401, 470, 439, 441, 407, 425, 4095, 375, 425, 422, 383, 406, 459, 447, 436, 474, 400, 460, 4095, 389, 447, 399, 423, 446, 427, 412, 435, 433, 379, 468, 425, 411, 383, 424, 470, 417, 439],
      "SequenceName": [
        "*ep_b0",
        "*ep_b0",
        "*ep_b1500#2",
        "*ep_b1500#3",
        "*ep_b1500#4",
        "*ep_b1500#5",
        "*ep_b1500#6",
        "*ep_b1450#7",
        "*ep_b1500#8",
        "*ep_b1450#9",
        "*ep_b1500#10",
        "*ep_b1500#11",
        "*ep_b0",
        "*ep_b1450#13",
        "*ep_b1500#14",
        "*ep_b1450#15",
        "*ep_b1500#16",
        "*ep_b1500#17",
        "*ep_b1450#18",
        "*ep_b1500#19",
        "*ep_b1500#20",
        "*ep_b1500#21",
        "*ep_b1550#22",
        "*ep_b1500#23",
        "*ep_b0",
        "*ep_b1500#25",
        "*ep_b1550#26",
        "*ep_b1500#27",
        "*ep_b1450#28",
        "*ep_b1500#29",
        "*ep_b1500#30",
        "*ep_b1500#31",
        "*ep_b1500#32",
        "*ep_b1500#33",
        "*ep_b1550#34",
        "*ep_b1500#35",
        "*ep_b0",
        "*ep_b1500#37",
        "*ep_b1500#38",
        "*ep_b1500#39",
        "*ep_b1450#40",
        "*ep_b1450#41",
        "*ep_b1500#42",
        "*ep_b1500#43",
        "*ep_b1450#44",
        "*ep_b1500#45",
        "*ep_b1500#46",
        "*ep_b1450#47",
        "*ep_b1500#48",
        "*ep_b1450#49",
        "*ep_b1500#50",
        "*ep_b1500#51",
        "*ep_b1450#52",
        "*ep_b1500#53",
        "*ep_b1500#54"
],
      "WindowCenter": [617.0, 616.0, 100.0, 99.0, 96.0, 95.0, 102.0, 97.0, 98.0, 100.0, 98.0, 100.0, 615.0, 98.0, 97.0, 99.0, 99.0, 100.0, 97.0, 100.0, 100.0, 100.0, 96.0, 99.0, 615.0, 94.0, 94.0, 100.0, 96.0, 96.0, 101.0, 98.0, 98.0, 102.0, 96.0, 97.0, 614.0, 95.0, 98.0, 97.0, 99.0, 99.0, 98.0, 95.0, 98.0, 100.0, 95.0, 100.0, 99.0, 99.0, 95.0, 99.0, 100.0, 96.0, 99.0],
      "WindowWidth": [1378.0, 1376.0, 257.0, 255.0, 250.0, 246.0, 261.0, 252.0, 254.0, 257.0, 254.0, 258.0, 1372.0, 253.0, 251.0, 255.0, 256.0, 257.0, 253.0, 256.0, 259.0, 257.0, 248.0, 255.0, 1370.0, 246.0, 244.0, 259.0, 249.0, 249.0, 260.0, 253.0, 253.0, 260.0, 249.0, 249.0, 1368.0, 247.0, 254.0, 253.0, 255.0, 256.0, 254.0, 247.0, 253.0, 257.0, 249.0, 257.0, 256.0, 255.0, 247.0, 257.0, 257.0, 249.0, 256.0]
    },
    "slices": {}
  }
}